PATH
  remote: .
  specs:
    logstash-codec-logfmt (0.1.8)
      logfmt (~> 0.0.7)
      logstash-core (>= 1.4.0, < 2.0.0)

GEM
  remote: https://rubygems.org/
  specs:
    cabin (0.7.1)
    clamp (0.6.5)
    coderay (1.1.0)
    diff-lcs (1.2.5)
    ffi (1.9.8-java)
    filesize (0.0.4)
    gem_publisher (1.5.0)
    i18n (0.6.9)
    insist (1.0.0)
    jar-dependencies (0.1.14)
    jrjackson (0.2.8)
    logfmt (0.0.7)
    logstash-core (1.5.1-java)
      cabin (~> 0.7.0)
      clamp (~> 0.6.5)
      filesize (= 0.0.4)
      i18n (= 0.6.9)
      jrjackson (~> 0.2.8)
      minitar (~> 0.5.4)
      pry (~> 0.10.1)
      stud (~> 0.0.19)
      thread_safe (~> 0.3.5)
      treetop (< 1.5.0)
    logstash-devutils (0.0.8-java)
      gem_publisher
      insist (= 1.0.0)
      jar-dependencies
      minitar
      rake
    method_source (0.8.2)
    minitar (0.5.4)
    polyglot (0.3.5)
    pry (0.10.1-java)
      coderay (~> 1.1.0)
      method_source (~> 0.8.1)
      slop (~> 3.4)
      spoon (~> 0.0)
    rake (10.4.2)
    rspec (3.3.0)
      rspec-core (~> 3.3.0)
      rspec-expectations (~> 3.3.0)
      rspec-mocks (~> 3.3.0)
    rspec-core (3.3.0)
      rspec-support (~> 3.3.0)
    rspec-expectations (3.3.0)
      diff-lcs (>= 1.2.0, < 2.0)
      rspec-support (~> 3.3.0)
    rspec-mocks (3.3.0)
      diff-lcs (>= 1.2.0, < 2.0)
      rspec-support (~> 3.3.0)
    rspec-support (3.3.0)
    slop (3.6.0)
    spoon (0.0.4)
      ffi
    stud (0.0.19)
    thread_safe (0.3.5-java)
    treetop (1.4.15)
      polyglot
      polyglot (>= 0.3.1)

PLATFORMS
  java

DEPENDENCIES
  logstash-codec-logfmt!
  logstash-devutils
  rspec

BUNDLED WITH
   1.10.3
